PATH
  remote: .
  specs:
    Weekly Show (0.2.0)

GEM
  remote: https://rubygems.org/
  specs:
    minitest (5.0.7)

PLATFORMS
  ruby

DEPENDENCIES
  Weekly Show!
  minitest
